PATH
  remote: .
  specs:
    pg_easy_replicate (0.2.0)
      ougai (~> 2.0.0)
      pg (~> 1.5.3)
      sequel (>= 5.69, < 5.76)
      thor (>= 1.2.2, < 1.4.0)

GEM
  remote: https://rubygems.org/
  specs:
    ast (2.4.2)
    bigdecimal (3.1.4)
    coderay (1.1.3)
    diff-lcs (1.5.0)
    haml (6.1.1)
      temple (>= 0.8.2)
      thor
      tilt
    json (2.7.1)
    language_server-protocol (3.17.0.3)
    method_source (1.0.0)
    oj (3.14.3)
    ougai (2.0.0)
      oj (~> 3.10)
    parallel (1.24.0)
    parser (3.3.0.3)
      ast (~> 2.4.1)
      racc
    pg (1.5.4)
    prettier_print (1.2.1)
    pry (0.14.2)
      coderay (~> 1.1)
      method_source (~> 1.0)
    racc (1.7.3)
    rainbow (3.1.1)
    rake (13.1.0)
    rbs (3.1.0)
    regexp_parser (2.9.0)
    rexml (3.2.6)
    rspec (3.12.0)
      rspec-core (~> 3.12.0)
      rspec-expectations (~> 3.12.0)
      rspec-mocks (~> 3.12.0)
    rspec-core (3.12.2)
      rspec-support (~> 3.12.0)
    rspec-expectations (3.12.3)
      diff-lcs (>= 1.2.0, < 2.0)
      rspec-support (~> 3.12.0)
    rspec-mocks (3.12.5)
      diff-lcs (>= 1.2.0, < 2.0)
      rspec-support (~> 3.12.0)
    rspec-support (3.12.0)
    rubocop (1.58.0)
      json (~> 2.3)
      language_server-protocol (>= 3.17.0)
      parallel (~> 1.10)
      parser (>= 3.2.2.4)
      rainbow (>= 2.2.2, < 4.0)
      regexp_parser (>= 1.8, < 3.0)
      rexml (>= 3.2.5, < 4.0)
      rubocop-ast (>= 1.30.0, < 2.0)
      ruby-progressbar (~> 1.7)
      unicode-display_width (>= 2.4.0, < 3.0)
    rubocop-ast (1.30.0)
      parser (>= 3.2.1.0)
    rubocop-capybara (2.19.0)
      rubocop (~> 1.41)
    rubocop-factory_bot (2.24.0)
      rubocop (~> 1.33)
    rubocop-packaging (0.5.2)
      rubocop (>= 1.33, < 2.0)
    rubocop-performance (1.20.2)
      rubocop (>= 1.48.1, < 2.0)
      rubocop-ast (>= 1.30.0, < 2.0)
    rubocop-rake (0.6.0)
      rubocop (~> 1.0)
    rubocop-rspec (2.25.0)
      rubocop (~> 1.40)
      rubocop-capybara (~> 2.17)
      rubocop-factory_bot (~> 2.22)
    ruby-progressbar (1.13.0)
    sequel (5.75.0)
      bigdecimal
    syntax_tree (6.2.0)
      prettier_print (>= 1.2.0)
    syntax_tree-haml (4.0.3)
      haml (>= 5.2)
      prettier_print (>= 1.2.1)
      syntax_tree (>= 6.0.0)
    syntax_tree-rbs (1.0.0)
      prettier_print
      rbs
      syntax_tree (>= 2.0.1)
    temple (0.10.1)
    thor (1.3.0)
    tilt (2.1.0)
    unicode-display_width (2.5.0)

PLATFORMS
  arm64-darwin-22
  x86_64-linux

DEPENDENCIES
  pg_easy_replicate!
  prettier_print
  pry
  rake
  rspec
  rubocop
  rubocop-packaging
  rubocop-performance
  rubocop-rake
  rubocop-rspec
  syntax_tree
  syntax_tree-haml
  syntax_tree-rbs

BUNDLED WITH
   2.4.12
